NUGET
  remote: https://nuget.org/api/v2
  specs:
    AspNetRazor.Core (1.0.20105.408)
      Microsoft.AspNet.Razor (>= 1.0.20105.408)
    FAKE (4.3.4)
    FSharp.Compiler.Service (1.4.0.1)
    FSharp.Formatting (2.10.0)
      FSharp.Compiler.Service (>= 0.0.87)
      FSharpVSPowerTools.Core (1.8.0)
    FSharpVSPowerTools.Core (1.8.0)
      FSharp.Compiler.Service (>= 0.0.87)
    Microsoft.AspNet.Mvc (3.0.50813.1)
      Microsoft.AspNet.Razor (>= 1.0.20105.408)
      Microsoft.AspNet.WebPages (>= 1.0.20105.408)
    Microsoft.AspNet.Razor (3.2.3)
    Microsoft.AspNet.WebPages (1.0.20105.408)
      Microsoft.AspNet.Razor (>= 1.0.20105.408)
      Microsoft.Web.Infrastructure (>= 1.0.0.0)
    Microsoft.AspNet.WebPages.Administration (1.0.20105.408)
      Microsoft.AspNet.WebPages (>= 1.0.20105.408)
      NuGet.Core (>= 1.0.1120.104)
    Microsoft.AspNet.WebPages.Data (3.2.3)
    Microsoft.AspNet.WebPages.WebData (3.2.3)
      Microsoft.AspNet.WebPages.Data
    Microsoft.Bcl (1.1.10)
      Microsoft.Bcl.Build (>= 1.0.14)
    Microsoft.Bcl.Build (1.0.21)
    Microsoft.Net.Http (2.2.29)
      Microsoft.Bcl (>= 1.1.10)
      Microsoft.Bcl.Build (>= 1.0.14)
    Microsoft.Web.Infrastructure (1.0.0)
    Microsoft.Web.Xdt (2.1.1)
    NuGet.Core (2.8.6)
      Microsoft.Web.Xdt (>= 2.1.0)
    NUnit (2.6.4)
    NUnit.Runners (2.6.4)
    Octokit (0.14.0)
      Microsoft.Net.Http
    SourceLink.Fake (1.1.0)
    System.Web.Razor.Unofficial (2.0.2)
    WebMatrix.Data (1.0.20105.408)
      Microsoft.AspNet.WebPages.Data (>= 1.0.20105.408)
    WebMatrix.WebData (1.0.20105.408)
      Microsoft.AspNet.WebPages.WebData (>= 1.0.20105.408)
GITHUB
  remote: fsharp/FAKE
  specs:
    modules/Octokit/Octokit.fsx (a1f4a9e19ba5745ca7b8a3b6a0382ee70d692f26)
      Octokit